GEM
  remote: https://rubygems.org/
  specs:
    diff-lcs (1.5.0)
    json (2.5.1)
    net-http (0.2.0)
      net-protocol
      uri
    net-protocol (0.1.3)
      timeout
    rspec (3.11.0)
      rspec-core (~> 3.11.0)
      rspec-expectations (~> 3.11.0)
      rspec-mocks (~> 3.11.0)
    rspec-core (3.11.0)
      rspec-support (~> 3.11.0)
    rspec-expectations (3.11.0)
      diff-lcs (>= 1.2.0, < 2.0)
      rspec-support (~> 3.11.0)
    rspec-mocks (3.11.1)
      diff-lcs (>= 1.2.0, < 2.0)
      rspec-support (~> 3.11.0)
    rspec-support (3.11.0)
    timeout (0.2.0)
    uri (0.11.0)

PLATFORMS
  x64-mingw32

DEPENDENCIES
  json
  net-http
  rspec

BUNDLED WITH
   2.2.11
